GEM
  remote: https://rubygems.org/
  specs:
    echowrap (0.1.0)
      faraday (~> 0.9.0.rc5)
      multi_json (~> 1.8.0)
      simple_oauth (~> 0.2)
    faraday (0.9.0.rc5)
      multipart-post (~> 1.1)
    multi_json (1.8.0)
    multipart-post (1.2.0)
    rack (1.5.2)
    rack-flash3 (1.0.5)
      rack
    rack-protection (1.5.0)
      rack
    simple_oauth (0.2.0)
    sinatra (1.4.3)
      rack (~> 1.4)
      rack-protection (~> 1.4)
      tilt (~> 1.3, >= 1.3.4)
    tilt (1.4.1)

PLATFORMS
  ruby

DEPENDENCIES
  echowrap
  rack-flash3
  sinatra
