GEM
  remote: https://rubygems.org/
  specs:
    echonest-ruby-api (0.3.0)
      httparty
      multi_json
    httparty (0.11.0)
      multi_json (~> 1.0)
      multi_xml (>= 0.5.2)
    multi_json (1.8.0)
    multi_xml (0.5.5)
    rack (1.5.2)
    rack-flash3 (1.0.5)
      rack
    rack-protection (1.5.0)
      rack
    sinatra (1.4.3)
      rack (~> 1.4)
      rack-protection (~> 1.4)
      tilt (~> 1.3, >= 1.3.4)
    tilt (1.4.1)

PLATFORMS
  ruby

DEPENDENCIES
  echonest-ruby-api
  rack-flash3
  sinatra
